GEM
  specs:
    mini_portile (0.6.0)
    nokogiri (1.6.6.1)
      mini_portile (~> 0.6.0)

PLATFORMS
  ruby

DEPENDENCIES
  nokogiri
